GEM
  remote: https://rubygems.org/
  specs:
    bcrypt (3.1.13)
    bson (4.6.0)
    daemons (1.3.1)
    eventmachine (1.2.7)
    json (1.8.6)
    jwt (2.2.1)
    mongo (2.11.0)
      bson (>= 4.6.0, < 5.0.0)
    mustermann (1.0.3)
    rack (2.0.7)
    rack-protection (2.0.7)
      rack
    sinatra (2.0.7)
      mustermann (~> 1.0)
      rack (~> 2.0)
      rack-protection (= 2.0.7)
      tilt (~> 2.0)
    sorbet (0.4.4983)
      sorbet-static (= 0.4.4983)
    sorbet-runtime (0.4.4983)
    sorbet-static (0.4.4983-universal-darwin-14)
    thin (1.7.2)
      daemons (~> 1.0, >= 1.0.9)
      eventmachine (~> 1.0, >= 1.0.4)
      rack (>= 1, < 3)
    tilt (2.0.10)

PLATFORMS
  ruby

DEPENDENCIES
  bcrypt (~> 3.1, >= 3.1.13)
  json (~> 1.8, >= 1.8.3)
  jwt (~> 2.2, >= 2.2.1)
  mongo (~> 2.11)
  rack (~> 2.0, >= 2.0.7)
  sinatra (~> 2.0, >= 2.0.7)
  sorbet
  sorbet-runtime
  thin (~> 1.7, >= 1.7.2)

BUNDLED WITH
   1.17.2
